GIT
  remote: git://github.com/romul/spree-reviews.git
  revision: b51e282d80ac0db539a08bd78ba46bcdb86ca2fc
  specs:
    spree_reviews (0.50.1)
      spree_core (>= 0.50.0)

GIT
  remote: git://github.com/romul/spree_compare_products.git
  revision: 2ad17e813790cdd6b9aef567e3e8cee3d523b23d
  specs:
    spree_compare_products (0.40.90)
      spree_core (>= 0.40.99)

GIT
  remote: git://github.com/secoint/synergy_inventory_management.git
  revision: 52c63debf22661abdb280367b47300b250d94719
  specs:
    synergy_inventory_management (0.2)
      spree_core (>= 0.60.1)

GIT
  remote: git://github.com/spree/spree_i18n.git
  revision: a185d160047ce54f07bd47f7d417d9e2681fbb07
  ref: a185d160047ce54f07bd47f7d417d9e2681fbb07
  specs:
    spree_i18n (1.0.0)
      spree_core (>= 0.30.0)

PATH
  remote: jt_style_theme
  specs:
    jt_style_theme (0.60.4)
      spree_core (>= 0.60.4)

GEM
  remote: http://rubygems.org/
  specs:
    abstract (1.0.0)
    actionmailer (3.0.10)
      actionpack (= 3.0.10)
      mail (~> 2.2.19)
    actionpack (3.0.10)
      activemodel (= 3.0.10)
      activesupport (= 3.0.10)
      builder (~> 2.1.2)
      erubis (~> 2.6.6)
      i18n (~> 0.5.0)
      rack (~> 1.2.1)
      rack-mount (~> 0.6.14)
      rack-test (~> 0.5.7)
      tzinfo (~> 0.3.23)
    activemerchant (1.15.0)
      activesupport (>= 2.3.8)
      braintree (>= 2.0.0)
      builder (>= 2.0.0)
    activemodel (3.0.10)
      activesupport (= 3.0.10)
      builder (~> 2.1.2)
      i18n (~> 0.5.0)
    activerecord (3.0.10)
      activemodel (= 3.0.10)
      activesupport (= 3.0.10)
      arel (~> 2.0.10)
      tzinfo (~> 0.3.23)
    activeresource (3.0.10)
      activemodel (= 3.0.10)
      activesupport (= 3.0.10)
    activesupport (3.0.10)
    acts_as_list (0.1.2)
    arel (2.0.10)
    bcrypt-ruby (2.1.4)
    braintree (2.13.2)
      builder (>= 2.0.0)
    builder (2.1.2)
    cancan (1.6.4)
    capistrano (2.9.0)
      highline
      net-scp (>= 1.0.0)
      net-sftp (>= 2.0.0)
      net-ssh (>= 2.0.14)
      net-ssh-gateway (>= 1.1.0)
    dalli (1.0.5)
    devise (1.3.3)
      bcrypt-ruby (~> 2.1.2)
      orm_adapter (~> 0.0.3)
      warden (~> 1.0.3)
    erubis (2.6.6)
      abstract (>= 1.0.0)
    faker (0.9.5)
      i18n (~> 0.4)
    formtastic (1.2.4)
      actionpack (>= 2.3.7)
      activesupport (>= 2.3.7)
      i18n (~> 0.4)
    highline (1.5.1)
    i18n (0.5.0)
    jquery-rails (0.2.6)
      rails (~> 3.0)
      thor (~> 0.14.4)
    json (1.5.4)
    kgio (2.7.0)
    mail (2.2.19)
      activesupport (>= 2.3.6)
      i18n (>= 0.4.0)
      mime-types (~> 1.16)
      treetop (~> 1.4.8)
    meta_search (1.0.5)
      actionpack (~> 3.0.2)
      activerecord (~> 3.0.2)
      activesupport (~> 3.0.2)
      arel (~> 2.0.2)
    mime-types (1.17.2)
    mysql2 (0.2.18)
    nested_set (1.6.7)
      activerecord (>= 3.0.0)
      railties (>= 3.0.0)
    net-scp (1.0.4)
      net-ssh (>= 1.99.1)
    net-sftp (2.0.5)
      net-ssh (>= 2.0.9)
    net-ssh (2.3.0)
    net-ssh-gateway (1.1.0)
      net-ssh (>= 1.99.1)
    nokogiri (1.4.7)
    orm_adapter (0.0.6)
    paperclip (2.3.11)
      activerecord (>= 2.3.0)
      activesupport (>= 2.3.2)
    polyglot (0.3.3)
    rack (1.2.5)
    rack-mount (0.6.14)
      rack (>= 1.0.0)
    rack-test (0.5.7)
      rack (>= 1.0)
    rails (3.0.10)
      actionmailer (= 3.0.10)
      actionpack (= 3.0.10)
      activerecord (= 3.0.10)
      activeresource (= 3.0.10)
      activesupport (= 3.0.10)
      bundler (~> 1.0)
      railties (= 3.0.10)
    railties (3.0.10)
      actionpack (= 3.0.10)
      activesupport (= 3.0.10)
      rake (>= 0.8.7)
      rdoc (~> 3.4)
      thor (~> 0.14.4)
    raindrops (0.8.0)
    rake (0.9.2.2)
    rd_find_by_param (0.1.1)
      activerecord (~> 3.0)
      activesupport (~> 3.0)
    rd_resource_controller (1.0.1)
    rd_unobtrusive_date_picker (0.1.0)
    rdoc (3.12)
      json (~> 1.4)
    spree (0.60.4)
      spree_api (= 0.60.4)
      spree_auth (= 0.60.4)
      spree_core (= 0.60.4)
      spree_dash (= 0.60.4)
      spree_promo (= 0.60.4)
      spree_sample (= 0.60.4)
    spree_address_book (0.50.2)
      spree_auth (>= 0.50.0)
      spree_core (>= 0.50.0)
    spree_api (0.60.4)
      spree_auth (= 0.60.4)
      spree_core (= 0.60.4)
    spree_auth (0.60.4)
      cancan (= 1.6.4)
      devise (= 1.3.3)
      spree_core (= 0.60.4)
    spree_core (0.60.4)
      activemerchant (= 1.15.0)
      acts_as_list (= 0.1.2)
      faker (= 0.9.5)
      highline (= 1.5.1)
      jquery-rails (= 0.2.6)
      meta_search (= 1.0.5)
      nested_set (= 1.6.7)
      paperclip (= 2.3.11)
      rails (= 3.0.10)
      rd_find_by_param (= 0.1.1)
      rd_resource_controller
      rd_unobtrusive_date_picker (= 0.1.0)
      state_machine (= 0.9.4)
      stringex (= 1.0.3)
      will_paginate (= 3.0.pre2)
    spree_dash (0.60.4)
      spree_core (= 0.60.4)
    spree_dynamic_sitemaps (0.50.1)
    spree_editor (0.50.1)
      spree_core (>= 0.40.0)
    spree_online_support (0.50.0)
      spree_core (>= 0.40.3)
    spree_promo (0.60.4)
      spree_core (= 0.60.4)
    spree_robokassa (0.50.2)
      spree_core (>= 0.40.0)
    spree_sample (0.60.4)
      spree_core (= 0.60.4)
    spree_static_content (0.60.1)
      formtastic (~> 1.2.3)
      spree_core (>= 0.60.0)
      spree_editor (>= 0.50.0)
    spree_yandex_market (1.2.0)
      nokogiri (~> 1.4.0)
      spree_core (>= 0.50.0)
    state_machine (0.9.4)
    stringex (1.0.3)
    synergy (0.60.0)
      json (~> 1.5.1)
      nokogiri (~> 1.4.4)
      spree (~> 0.60.0)
      spree_address_book (~> 0.50.1)
      spree_dynamic_sitemaps (~> 0.50.1)
      spree_editor (~> 0.50.1)
      spree_online_support (~> 0.50.0)
      spree_robokassa (~> 0.50.2)
      spree_static_content (~> 0.60.1)
      spree_yandex_market (~> 1.2.0)
      synergy_russian (= 0.2.8)
    synergy_default_theme (1.0.2)
      dalli (~> 1.0.3)
      synergy
    synergy_russian (0.2.8)
    thor (0.14.6)
    treetop (1.4.10)
      polyglot
      polyglot (>= 0.3.1)
    tzinfo (0.3.31)
    unicorn (4.1.1)
      kgio (~> 2.4)
      rack
      raindrops (~> 0.6)
    warden (1.0.6)
      rack (>= 1.0)
    will_paginate (3.0.pre2)

PLATFORMS
  ruby

DEPENDENCIES
  capistrano
  dalli
  jt_style_theme!
  mysql2 (~> 0.2.7)
  rails (= 3.0.10)
  spree (~> 0.60.4)
  spree_compare_products!
  spree_i18n!
  spree_reviews!
  synergy (~> 0.60.0)
  synergy_default_theme (= 1.0.2)
  synergy_inventory_management!
  unicorn
